GEM
  remote: https://rubygems.org/
  specs:
    RedCloth (4.3.2)
    builder (3.2.4)
    diff-lcs (1.5.0)
    faraday (2.7.10)
      faraday-net_http (>= 2.0, < 3.1)
      ruby2_keywords (>= 0.0.4)
    faraday-net_http (3.0.2)
    rake (13.0.6)
    rsolr (2.5.0)
      builder (>= 2.1.2)
      faraday (>= 0.9, < 3, != 2.0.0)
    rspec (3.12.0)
      rspec-core (~> 3.12.0)
      rspec-expectations (~> 3.12.0)
      rspec-mocks (~> 3.12.0)
    rspec-collection_matchers (1.2.0)
      rspec-expectations (>= 2.99.0.beta1)
    rspec-core (3.12.2)
      rspec-support (~> 3.12.0)
    rspec-expectations (3.12.3)
      diff-lcs (>= 1.2.0, < 2.0)
      rspec-support (~> 3.12.0)
    rspec-mocks (3.12.6)
      diff-lcs (>= 1.2.0, < 2.0)
      rspec-support (~> 3.12.0)
    rspec-solr (3.0.0)
      rspec (~> 3.5)
      rspec-collection_matchers
    rspec-support (3.12.1)
    ruby2_keywords (0.0.5)

PLATFORMS
  ruby

DEPENDENCIES
  RedCloth
  rake
  rsolr
  rspec
  rspec-solr

BUNDLED WITH
   2.4.10
